GEM
  remote: http://rubygems.org/
  specs:
    foreman (0.16.0)
      term-ansicolor (~> 1.0.5)
      thor (>= 0.13.6)
    glassfish (1.0.3-java)
      rack (>= 0.4.0)
    rack (1.3.0)
    rake (0.9.1)
    sinatra (1.2.6)
      rack (~> 1.1)
      tilt (>= 1.2.2, < 2.0)
    term-ansicolor (1.0.5)
    thor (0.14.6)
    tilt (1.3.2)

PLATFORMS
  java

DEPENDENCIES
  foreman
  glassfish
  rake
  sinatra
